GEM
  remote: http://rubygems.org/
  specs:
    RubyIOC (0.0.1)
      roxml
    activesupport (3.2.13)
      i18n (= 0.6.1)
      multi_json (~> 1.0)
    i18n (0.6.1)
    multi_json (1.7.1)
    nokogiri (1.5.7)
    nokogiri (1.5.7-x86-mingw32)
    roxml (3.3.1)
      activesupport (>= 2.3.0)
      nokogiri (>= 1.3.3)
    sys-host (0.6.2)
    sys-host (0.6.2-x86-mingw32)
    sys-uname (0.9.2-x86-mingw32)
    win32-api (1.4.8)
    win32-api (1.4.8-x86-mingw32)
    win32-service (0.7.2)
      windows-pr (>= 1.0.8)
    win32-service (0.7.2-x86-mingw32)
      windows-pr (>= 1.0.8)
    windows-api (0.4.2)
      win32-api (>= 1.4.5)
    windows-pr (1.2.2)
      win32-api (>= 1.4.5)
      windows-api (>= 0.3.0)

PLATFORMS
  x86-mingw32

DEPENDENCIES
  RubyIOC
  sys-host
  sys-uname
  win32-service
