GEM
  remote: http://rubygems.org/
  specs:
    RubyIOC (0.0.2)
      roxml
    activesupport (4.0.0)
      i18n (~> 0.6, >= 0.6.4)
      minitest (~> 4.2)
      multi_json (~> 1.3)
      thread_safe (~> 0.1)
      tzinfo (~> 0.3.37)
    atomic (1.1.14)
    daemons (1.1.9)
    ffi (1.9.0-x86-mingw32)
    i18n (0.6.5)
    json (1.8.0)
    mini_portile (0.5.1)
    minitest (4.7.5)
    multi_json (1.8.0)
    nokogiri (1.6.0-x86-mingw32)
      mini_portile (~> 0.5.0)
    roxml (3.3.1)
      activesupport (>= 2.3.0)
      nokogiri (>= 1.3.3)
    signed_json (0.0.3)
      json
    sys-host (0.6.2-x86-mingw32)
    sys-uname (0.9.2-x86-mingw32)
    thread_safe (0.1.3)
      atomic
    tzinfo (0.3.37)
    win32-service (0.8.2)
      ffi

PLATFORMS
  x86-mingw32

DEPENDENCIES
  RubyIOC
  atomic
  daemons
  signed_json
  sys-host
  sys-uname
  win32-service
